GEM
  remote: http://rubygems.org/
  specs:
    ast (2.4.0)
    jaro_winkler (1.5.2)
    mustermann (1.0.3)
    parallel (1.17.0)
    parser (2.6.3.0)
      ast (~> 2.4.0)
    puma (3.12.1)
    rack (2.0.7)
    rack-protection (2.0.5)
      rack
    rainbow (3.0.0)
    rubocop (0.69.0)
      jaro_winkler (~> 1.5.1)
      parallel (~> 1.10)
      parser (>= 2.6)
      rainbow (>= 2.2.2, < 4.0)
      ruby-progressbar (~> 1.7)
      unicode-display_width (>= 1.4.0, < 1.7)
    ruby-progressbar (1.10.0)
    sinatra (2.0.5)
      mustermann (~> 1.0)
      rack (~> 2.0)
      rack-protection (= 2.0.5)
      tilt (~> 2.0)
    tilt (2.0.9)
    unicode-display_width (1.6.0)

PLATFORMS
  ruby

DEPENDENCIES
  puma
  rubocop
  sinatra

BUNDLED WITH
   2.0.1
